GEM
  remote: https://rubygems.org/
  specs:
    aoc_rb (0.2.5)
      dotenv (~> 2.7.6)
      httparty (~> 0.20.0)
      nokogiri (~> 1.13.6)
      rspec (~> 3.0)
      thor (~> 1.2.1)
    diff-lcs (1.5.0)
    dotenv (2.7.6)
    httparty (0.20.0)
      mime-types (~> 3.0)
      multi_xml (>= 0.5.2)
    mime-types (3.4.1)
      mime-types-data (~> 3.2015)
    mime-types-data (3.2022.0105)
    multi_xml (0.6.0)
    nokogiri (1.13.8-x86_64-darwin)
      racc (~> 1.4)
    racc (1.6.0)
    rspec (3.10.0)
      rspec-core (~> 3.10.0)
      rspec-expectations (~> 3.10.0)
      rspec-mocks (~> 3.10.0)
    rspec-core (3.10.2)
      rspec-support (~> 3.10.0)
    rspec-expectations (3.10.2)
      diff-lcs (>= 1.2.0, < 2.0)
      rspec-support (~> 3.10.0)
    rspec-mocks (3.10.3)
      diff-lcs (>= 1.2.0, < 2.0)
      rspec-support (~> 3.10.0)
    rspec-support (3.10.3)
    thor (1.2.1)

PLATFORMS
  x86_64-darwin-21

DEPENDENCIES
  aoc_rb

BUNDLED WITH
   2.3.7
